GEM
  remote: https://rubygems.org/
  specs:
    codecov (0.1.10)
      json
      simplecov
      url
    coderay (1.1.2)
    docile (1.3.1)
    json (2.1.0)
    method_source (0.9.0)
    power_assert (0.4.1)
    pry (0.11.3)
      coderay (~> 1.1.0)
      method_source (~> 0.9.0)
    rake (12.3.1)
    simplecov (0.16.1)
      docile (~> 1.1)
      json (>= 1.8, < 3)
      simplecov-html (~> 0.10.0)
    simplecov-html (0.10.2)
    test-unit (3.2.3)
      power_assert
    url (0.3.2)

PLATFORMS
  ruby

DEPENDENCIES
  codecov
  pry
  rake
  simplecov
  test-unit

BUNDLED WITH
   1.16.2
